GEM
  remote: https://rubygems.org/
  specs:
    activesupport (7.1.3.2)
      base64
      concurrent-ruby (~> 1.0, >= 1.0.2)
      connection_pool (>= 2.2.5)
      drb
      i18n (>= 1.6, < 2)
      minitest (>= 5.1)
      mutex_m
      tzinfo (~> 2.0)
    base64 (0.2.0)
    cli-ui (1.5.1)
    color (1.8)
    coltrane (4.1.2)
      activesupport (> 5.2)
      color (~> 1.8)
      dry-monads (~> 0.4)
      gambiarra (= 0.0.6)
      paint (~> 2.0)
    concurrent-ruby (1.2.3)
    connection_pool (2.4.1)
    debug (1.9.1)
      irb (~> 1.10)
      reline (>= 0.3.8)
    drb (2.2.1)
    dry-core (0.9.1)
      concurrent-ruby (~> 1.0)
      zeitwerk (~> 2.6)
    dry-equalizer (0.3.0)
    dry-monads (0.4.0)
      dry-core (~> 0.3, >= 0.3.3)
      dry-equalizer
    gambiarra (0.0.6)
      activesupport (> 5.2)
      cli-ui (~> 1.1)
      thor (~> 1.1.0)
    i18n (1.14.4)
      concurrent-ruby (~> 1.0)
    io-console (0.7.2)
    irb (1.12.0)
      rdoc
      reline (>= 0.4.2)
    minitest (5.22.3)
    mutex_m (0.2.0)
    paint (2.3.0)
    psych (5.1.2)
      stringio
    rdoc (6.6.2)
      psych (>= 4.0.0)
    reline (0.4.3)
      io-console (~> 0.5)
    ruby_wasm (2.5.0)
    ruby_wasm (2.5.0-aarch64-linux)
    ruby_wasm (2.5.0-arm64-darwin)
    ruby_wasm (2.5.0-x86_64-darwin)
    ruby_wasm (2.5.0-x86_64-linux)
    ruby_wasm (2.5.0-x86_64-linux-musl)
    stringio (3.1.0)
    thor (1.1.0)
    tzinfo (2.0.6)
      concurrent-ruby (~> 1.0)
    zeitwerk (2.6.13)

PLATFORMS
  aarch64-linux
  arm64-darwin
  ruby
  x86_64-darwin
  x86_64-linux
  x86_64-linux-musl

DEPENDENCIES
  coltrane (~> 4.1, >= 4.1.2)
  debug
  ruby_wasm

BUNDLED WITH
   2.5.3
